PATH
  remote: ../../foobara-demo/loan-origination
  specs:
    foobara-demo-loan-origination (0.0.1)
      foobara-local-files-crud-driver (< 2.0.0)

PATH
  remote: ../../foobara/agent-backed-command
  specs:
    foobara-agent-backed-command (0.0.5)
      foobara-agent (>= 0.0.1, < 2.0.0)

PATH
  remote: ../../foobara/agent
  specs:
    foobara-agent (0.0.17)
      foobara (>= 0.0.136, < 2.0.0)
      foobara-llm-backed-command (>= 1.0.0, < 2.0.0)

PATH
  remote: ../../foobara/ai
  specs:
    foobara-ai (1.0.0)

PATH
  remote: .
  specs:
    ruby-hackathon-loan-origination-rack (0.0.1)
      foobara (>= 0.0.136, < 2.0.0)

GEM
  remote: https://rubygems.org/
  specs:
    ast (2.4.3)
    bigdecimal (3.2.2)
    byebug (12.0.0)
    coderay (1.1.3)
    date (3.4.1)
    dotenv (3.1.8)
    erb (5.0.2)
    extract-repo (0.0.9)
      foobara
      foobara-sh-cli-connector
    ffi (1.17.2)
    ffi (1.17.2-aarch64-linux-gnu)
    ffi (1.17.2-aarch64-linux-musl)
    ffi (1.17.2-arm-linux-gnu)
    ffi (1.17.2-arm-linux-musl)
    ffi (1.17.2-arm64-darwin)
    ffi (1.17.2-x86-linux-gnu)
    ffi (1.17.2-x86-linux-musl)
    ffi (1.17.2-x86_64-darwin)
    ffi (1.17.2-x86_64-linux-gnu)
    ffi (1.17.2-x86_64-linux-musl)
    foob (0.0.15)
      foobara (~> 0.0.116)
      foobara-command-generator (< 2.0.0)
      foobara-domain-generator (< 2.0.0)
      foobara-domain-mapper-generator (< 2.0.0)
      foobara-empty-ruby-project-generator (< 2.0.0)
      foobara-empty-typescript-react-project-generator (< 2.0.0)
      foobara-local-files-crud-driver-generator (< 2.0.0)
      foobara-mcp-connector-generator (< 2.0.0)
      foobara-organization-generator (< 2.0.0)
      foobara-rack-connector-generator (< 2.0.0)
      foobara-redis-crud-driver-generator (< 2.0.0)
      foobara-remote-imports-generator (< 2.0.0)
      foobara-resque-connector-generator (< 2.0.0)
      foobara-resque-scheduler-connector-generator (< 2.0.0)
      foobara-sh-cli-connector (< 2.0.0)
      foobara-sh-cli-connector-generator (< 2.0.0)
      foobara-type-generator (< 2.0.0)
      foobara-typescript-react-command-form-generator (< 2.0.0)
      foobara-typescript-remote-command-generator (< 2.0.0)
    foobara (0.0.136)
      bigdecimal
      foobara-lru-cache (~> 0.0.2)
      foobara-util (>= 1.0.0)
      inheritable-thread-vars (~> 0.0.1)
    foobara-agent-cli (0.0.4)
      foobara-agent (~> 0.0.1)
    foobara-anthropic-api (1.0.1)
      foobara-cached-command
      foobara-http-api-command
    foobara-cached-command (0.0.2)
      foobara
    foobara-command-generator (0.0.3)
      foobara
      foobara-files-generator
    foobara-domain-generator (0.0.3)
      foobara
      foobara-files-generator
    foobara-domain-mapper-generator (0.0.4)
      foobara
      foobara-files-generator
    foobara-dotenv-loader (0.0.3)
      dotenv
    foobara-empty-ruby-project-generator (1.0.0)
      extract-repo (< 2.0.0)
      foobara (>= 0.0.136, < 2.0.0)
      foobara-files-generator (< 2.0.0)
    foobara-empty-typescript-react-project-generator (0.0.6)
      foobara (~> 0.0.116)
      foobara-files-generator (~> 0.0.1)
    foobara-files-generator (0.0.7)
      foobara (~> 0.0.116)
    foobara-http-api-command (0.0.9)
      foobara
    foobara-http-command-connector (0.0.26)
      foobara (~> 0.0.116)
    foobara-json-schema-generator (1.0.1)
      foobara (>= 0.0.136, < 2.0.0)
    foobara-llm-backed-command (1.0.1)
      foobara (>= 0.0.136, < 2.0.0)
      foobara-ai (>= 1.0.0, < 2.0.0)
      foobara-json-schema-generator (>= 1.0.0, < 2.0.0)
    foobara-local-files-crud-driver (0.0.10)
      foobara (~> 0.0.102)
    foobara-local-files-crud-driver-generator (0.0.3)
      foobara
      foobara-files-generator
    foobara-lru-cache (0.0.2)
    foobara-mcp-connector-generator (0.0.6)
      foobara (~> 0.0.99)
    foobara-ollama-api (1.0.0)
      foobara-http-api-command
    foobara-organization-generator (0.0.2)
      foobara
      foobara-files-generator
    foobara-rack-connector (0.0.10)
      foobara (~> 0.0.88)
      foobara-http-command-connector (~> 0.0.1)
      rack
    foobara-rack-connector-generator (0.0.11)
      foobara
      foobara-files-generator
    foobara-redis-crud-driver-generator (0.0.4)
      foobara-files-generator (~> 0.0.1)
    foobara-remote-imports-generator (0.0.3)
      foobara
      foobara-files-generator
    foobara-resque-connector-generator (0.0.2)
      foobara
      foobara-files-generator
    foobara-resque-scheduler-connector-generator (0.0.2)
      foobara
      foobara-files-generator
    foobara-rubocop-rules (1.0.0)
      rubocop
      rubocop-rspec
    foobara-sh-cli-connector (1.0.1)
      foobara (>= 0.0.136, < 2.0.0)
    foobara-sh-cli-connector-generator (0.0.5)
      foobara-files-generator (~> 0.0.1)
    foobara-type-generator (0.0.4)
      foobara
      foobara-files-generator
    foobara-typescript-react-command-form-generator (0.0.12)
      foobara-typescript-remote-command-generator (~> 0.0.1)
    foobara-typescript-remote-command-generator (0.0.24)
      foobara-files-generator (~> 0.0.1)
    foobara-util (1.0.1)
    inheritable-thread-vars (0.0.3)
    io-console (0.8.1)
    irb (1.15.2)
      pp (>= 0.6.0)
      rdoc (>= 4.0.0)
      reline (>= 0.4.2)
    json (2.13.0)
    language_server-protocol (3.17.0.5)
    lint_roller (1.1.0)
    listen (3.9.0)
      rb-fsevent (~> 0.10, >= 0.10.3)
      rb-inotify (~> 0.9, >= 0.9.10)
    method_source (1.1.0)
    nio4r (2.7.4)
    parallel (1.27.0)
    parser (3.3.8.0)
      ast (~> 2.4.1)
      racc
    pp (0.6.2)
      prettyprint
    prettyprint (0.2.0)
    prism (1.4.0)
    pry (0.15.2)
      coderay (~> 1.1)
      method_source (~> 1.0)
    pry-byebug (3.11.0)
      byebug (~> 12.0)
      pry (>= 0.13, < 0.16)
    psych (5.2.6)
      date
      stringio
    puma (6.6.0)
      nio4r (~> 2.0)
    racc (1.8.1)
    rack (3.1.16)
    rackup (2.2.1)
      rack (>= 3)
    rainbow (3.1.1)
    rake (13.3.0)
    rb-fsevent (0.11.2)
    rb-inotify (0.11.1)
      ffi (~> 1.0)
    rdoc (6.14.2)
      erb
      psych (>= 4.0.0)
    regexp_parser (2.10.0)
    reline (0.6.1)
      io-console (~> 0.5)
    rerun (0.14.0)
      listen (~> 3.0)
    rubocop (1.78.0)
      json (~> 2.3)
      language_server-protocol (~> 3.17.0.2)
      lint_roller (~> 1.1.0)
      parallel (~> 1.10)
      parser (>= 3.3.0.2)
      rainbow (>= 2.2.2, < 4.0)
      regexp_parser (>= 2.9.3, < 3.0)
      rubocop-ast (>= 1.45.1, < 2.0)
      ruby-progressbar (~> 1.7)
      unicode-display_width (>= 2.4.0, < 4.0)
    rubocop-ast (1.46.0)
      parser (>= 3.3.7.2)
      prism (~> 1.4)
    rubocop-rake (0.7.1)
      lint_roller (~> 1.1)
      rubocop (>= 1.72.1)
    rubocop-rspec (3.6.0)
      lint_roller (~> 1.1)
      rubocop (~> 1.72, >= 1.72.1)
    ruby-progressbar (1.13.0)
    stringio (3.1.7)
    unicode-display_width (3.1.4)
      unicode-emoji (~> 4.0, >= 4.0.4)
    unicode-emoji (4.0.4)

PLATFORMS
  aarch64-linux-gnu
  aarch64-linux-musl
  arm-linux-gnu
  arm-linux-musl
  arm64-darwin
  ruby
  x86-linux-gnu
  x86-linux-musl
  x86_64-darwin
  x86_64-linux-gnu
  x86_64-linux-musl

DEPENDENCIES
  foob
  foobara-agent!
  foobara-agent-backed-command!
  foobara-agent-cli
  foobara-ai!
  foobara-anthropic-api
  foobara-demo-loan-origination!
  foobara-dotenv-loader
  foobara-local-files-crud-driver
  foobara-ollama-api
  foobara-rack-connector
  foobara-rubocop-rules
  foobara-sh-cli-connector
  irb
  pry
  pry-byebug
  puma
  rackup
  rake
  rerun
  rubocop-rake
  ruby-hackathon-loan-origination-rack!

RUBY VERSION
   ruby 3.4.3p32

BUNDLED WITH
   2.6.9
